GEM
  remote: https://rubygems.org/
  specs:
    activemodel (3.2.18)
      activesupport (= 3.2.18)
      builder (~> 3.0.0)
    activerecord (3.2.18)
      activemodel (= 3.2.18)
      activesupport (= 3.2.18)
      arel (~> 3.0.2)
      tzinfo (~> 0.3.29)
    activerecord-jdbc-adapter (1.3.7)
      activerecord (>= 2.2)
    activerecord-jdbcmysql-adapter (1.3.7)
      activerecord-jdbc-adapter (~> 1.3.7)
      jdbc-mysql (>= 5.1.22)
    activesupport (3.2.18)
      i18n (~> 0.6, >= 0.6.4)
      multi_json (~> 1.0)
    arel (3.0.3)
    aws-sdk (1.41.0)
      json (~> 1.4)
      nokogiri (>= 1.4.4)
    aws-sdk-core (2.0.0.rc8)
      builder (~> 3.0)
      jamespath
      multi_json (~> 1.0)
      multi_xml (~> 0.5)
    builder (3.0.4)
    coderay (1.1.0)
    dotenv (0.11.1)
      dotenv-deployment (~> 0.0.2)
    dotenv-deployment (0.0.2)
    ffi (1.9.3-java)
    httparty (0.13.1)
      json (~> 1.8)
      multi_xml (>= 0.5.2)
    httpclient (2.3.4.1)
    i18n (0.6.9)
    improved-rack-throttle (0.7.1)
      rack (>= 1.0.0)
    jamespath (0.5.0)
    jdbc-mysql (5.1.30)
    jdbc-sqlite3 (3.7.2.1)
    json (1.8.1-java)
    license_finder (1.0.0.0-java)
      bundler
      httparty
      jdbc-sqlite3
      sequel
      thor
      xml-simple
    method_source (0.8.2)
    multi_json (1.10.1)
    multi_xml (0.5.5)
    nokogiri (1.6.2.1-java)
    opener-build-tools (1.0.1)
      rake
    opener-constituent-parser (1.0.4)
      nokogiri
      opener-constituent-parser-base (>= 0.1.0)
      opener-core (>= 0.1.2)
      opener-daemons
      opener-webservice
      puma
    opener-constituent-parser-base (1.0.5)
    opener-core (0.3.0)
    opener-coreference (1.0.3)
      httpclient
      nokogiri
      opener-core (>= 0.1.2)
      opener-coreference-base
      opener-daemons
      opener-webservice
      puma
      sinatra (~> 1.4)
    opener-coreference-base (2.0.2)
      nokogiri
      opener-build-tools (>= 0.2.7)
      rake
    opener-daemons (1.1.1)
      aws-sdk-core (>= 2.0.0.rc1, < 3)
      dotenv
      spoon
    opener-kaf-naf-parser (1.0.3)
      builder
      httpclient
      opener-build-tools
      opener-core (>= 0.1.2)
      opener-daemons
      opener-webservice
      puma
      sinatra (~> 1.4.3)
      uuidtools
    opener-kaf2json (1.0.4-java)
      builder
      opener-core (>= 0.1.2)
      opener-daemons
      opener-webservice
      puma
      saxon-xslt
      sinatra (~> 1.4.2)
    opener-language-identifier (3.0.2)
      builder
      httpclient
      opener-build-tools
      opener-daemons
      opener-webservice
      puma
      sinatra (~> 1.4.2)
      uuidtools
    opener-ned (2.1.0)
      httpclient
      nokogiri
      opener-webservice
      sinatra (~> 1.4)
    opener-ner (2.0.2)
      httpclient
      nokogiri
      opener-core (>= 0.1.2)
      opener-daemons
      opener-ner-base
      opener-webservice
      puma
      sinatra (~> 1.4)
    opener-ner-base (2.0.0)
      opener-build-tools
    opener-opinion-detector (1.0.3)
      httpclient
      nokogiri
      opener-core (>= 0.1.2)
      opener-daemons
      opener-opinion-detector-base
      opener-webservice
      puma
      sinatra (~> 1.4.2)
    opener-opinion-detector-base (2.1.2)
      nokogiri
      opener-build-tools (>= 0.2.7)
      rake
    opener-opinion-detector-basic (1.0.2)
      httpclient
      opener-build-tools (>= 0.2.7)
      opener-core (>= 0.1.2)
      opener-daemons
      opener-webservice
      puma
      rake
      sinatra
    opener-outlet (1.0.5)
      activerecord (~> 3.2)
      activerecord-jdbcmysql-adapter
      activesupport (~> 3.2)
      builder (~> 3.0.0)
      httpclient
      jdbc-mysql
      nokogiri
      opener-core (>= 0.1.2)
      opener-daemons
      opener-kaf2json
      opener-webservice
      puma
      sinatra (~> 1.4.2)
      uuidtools
    opener-polarity-tagger (2.1.3)
      httpclient
      opener-build-tools (>= 1.0.1)
      opener-core (>= 0.1.1)
      opener-daemons
      opener-webservice
      puma
      rake
      sinatra
    opener-pos-tagger (2.0.2)
      httpclient
      nokogiri
      opener-core (>= 0.1.2)
      opener-daemons
      opener-pos-tagger-base
      opener-pos-tagger-en-es
      opener-webservice
      puma
      sinatra (~> 1.4.2)
    opener-pos-tagger-base (2.0.0)
      opener-build-tools (>= 0.2.7)
      rake
    opener-pos-tagger-en-es (2.0.0)
      opener-build-tools
    opener-property-tagger (2.1.1)
      httpclient
      opener-build-tools (>= 1.0.1)
      opener-core (>= 0.1.2)
      opener-daemons
      opener-webservice
      puma
      rake
      sinatra
    opener-s3-outlet (1.1.1)
      aws-sdk
      builder
      httpclient
      nokogiri
      opener-daemons
      opener-webservice
      puma
      sinatra (~> 1.4.2)
      uuidtools
    opener-scorer (1.0.6)
      activerecord (~> 3.2)
      activerecord-jdbcmysql-adapter
      builder
      httpclient
      jdbc-mysql
      nokogiri
      opener-core (>= 0.1.2)
      opener-daemons
      opener-webservice
      puma
      sinatra (~> 1.4.2)
      uuidtools
    opener-tokenizer (1.0.2)
      httpclient
      nokogiri
      opener-daemons
      opener-tokenizer-base (>= 0.3.1)
      opener-webservice
      puma
      sinatra (~> 1.4.2)
    opener-tokenizer-base (1.0.0)
    opener-tree-tagger (2.0.2)
      httpclient
      opener-build-tools (>= 0.2.7)
      opener-daemons
      opener-webservice
      puma
      rake
      sinatra
    opener-webservice (1.0.1)
      json
      sinatra (~> 1.4.3)
      uuidtools
    pry (0.9.12.6-java)
      coderay (~> 1.0)
      method_source (~> 0.8)
      slop (~> 3.4)
      spoon (~> 0.0)
    pry-doc (0.6.0)
      pry (~> 0.9)
      yard (~> 0.8)
    pry-theme (1.0.3)
      coderay (~> 1.1)
      json (~> 1.8)
    puma (2.8.2-java)
      rack (>= 1.1, < 2.0)
    rack (1.5.2)
    rack-protection (1.5.3)
      rack
    rake (10.3.2)
    rollbar (0.12.18)
      multi_json (~> 1.3)
    saxon-xslt (0.2.0.1-java)
    sequel (4.10.0)
    sinatra (1.4.5)
      rack (~> 1.4)
      rack-protection (~> 1.4)
      tilt (~> 1.3, >= 1.3.4)
    slop (3.5.0)
    spoon (0.0.4)
      ffi
    thor (0.19.1)
    tilt (1.4.1)
    tzinfo (0.3.39)
    uuidtools (2.1.4)
    xml-simple (1.1.3)
    yard (0.8.7.4)

PLATFORMS
  java

DEPENDENCIES
  activesupport (~> 3.2)
  improved-rack-throttle
  license_finder
  opener-constituent-parser
  opener-coreference
  opener-kaf-naf-parser
  opener-kaf2json
  opener-language-identifier
  opener-ned
  opener-ner
  opener-opinion-detector
  opener-opinion-detector-basic
  opener-outlet
  opener-polarity-tagger
  opener-pos-tagger
  opener-property-tagger
  opener-s3-outlet
  opener-scorer
  opener-tokenizer
  opener-tree-tagger
  pry
  pry-doc
  pry-theme
  puma
  rollbar
  uuidtools
