GEM
  remote: https://rubygems.org/
  remote: https://opener:Aek0YeeGup0ceephohcieW0eichiGha2Thoo0lohshunae9emaikeitainooleap@geminabox.olery.com/
  specs:
    activemodel (3.2.17)
      activesupport (= 3.2.17)
      builder (~> 3.0.0)
    activerecord (3.2.17)
      activemodel (= 3.2.17)
      activesupport (= 3.2.17)
      arel (~> 3.0.2)
      tzinfo (~> 0.3.29)
    activerecord-jdbc-adapter (1.3.6)
      activerecord (>= 2.2)
    activerecord-jdbcmysql-adapter (1.3.6)
      activerecord-jdbc-adapter (~> 1.3.6)
      jdbc-mysql (>= 5.1.22)
    activesupport (3.2.17)
      i18n (~> 0.6, >= 0.6.4)
      multi_json (~> 1.0)
    arel (3.0.3)
    aws-sdk (1.36.1)
      json (~> 1.4)
      nokogiri (>= 1.4.4)
      uuidtools (~> 2.1)
    builder (3.0.4)
    coderay (1.1.0)
    ffi (1.9.3-java)
    httpclient (2.3.4.1)
    i18n (0.6.9)
    improved-rack-throttle (0.7.1)
      rack (>= 1.0.0)
    jdbc-mysql (5.1.28)
    json (1.8.1)
    json (1.8.1-java)
    kaf-naf-parser (0.6.1)
      builder
      httpclient
      opener-build-tools
      opener-webservice
      sinatra (~> 1.4.3)
      uuidtools
    method_source (0.8.2)
    mini_portile (0.5.2)
    multi_json (1.9.0)
    nokogiri (1.6.1)
      mini_portile (~> 0.5.0)
    nokogiri (1.6.1-java)
      mini_portile (~> 0.5.0)
    opener-build-tools (0.4.1)
      rake
    opener-constituent-parser (0.2.0)
      opener-constituent-parser-base (>= 0.1.0)
      opener-webservice
    opener-constituent-parser-base (0.2.1)
    opener-language-identifier (2.4.0)
      builder
      httpclient
      opener-build-tools
      opener-webservice
      sinatra (~> 1.4.2)
      uuidtools
    opener-ned (1.0.1)
      httpclient
      opener-webservice
      sinatra (~> 1.4)
    opener-ner (0.3.0)
      httpclient
      nokogiri
      opener-ner-base
      opener-ner-fr
      opener-webservice
      sinatra (~> 1.4)
    opener-ner-base (1.3.2)
      opener-build-tools
    opener-ner-fr (0.0.1)
      opener-build-tools
    opener-opinion-detector (0.3.0)
      httpclient
      nokogiri
      opener-opinion-detector-base
      opener-webservice
      sinatra (~> 1.4.2)
    opener-opinion-detector-base (0.11.3)
      opener-build-tools (>= 0.2.7)
      rake
    opener-outlet (0.3.2)
      activerecord (~> 3.2)
      activerecord-jdbcmysql-adapter
      activesupport (~> 3.2)
      builder (~> 3.0.0)
      httpclient
      jdbc-mysql
      nokogiri
      opener-webservice
      sinatra (~> 1.4.2)
      uuidtools
    opener-polarity-tagger (0.3.1)
      httpclient
      opener-build-tools (>= 0.2.7)
      opener-webservice
      rake
      sinatra
    opener-pos-tagger (0.2.11)
      httpclient
      nokogiri
      opener-pos-tagger-base
      opener-pos-tagger-en-es
      opener-pos-tagger-fr
      opener-pos-tagger-it
      opener-webservice
      sinatra (~> 1.4.2)
    opener-pos-tagger-base (0.9.0)
      opener-build-tools (>= 0.2.7)
      rake
    opener-pos-tagger-en-es (0.9.2)
      opener-build-tools
    opener-pos-tagger-fr (0.2.0)
      opener-build-tools
    opener-pos-tagger-it (0.10.0)
      opener-build-tools
    opener-property-tagger (0.5.1)
      httpclient
      opener-build-tools (>= 0.2.7)
      opener-webservice
      rake
      sinatra
    opener-s3-outlet (0.0.1)
      aws-sdk
      builder (~> 3.0.0)
      httpclient
      nokogiri
      opener-webservice
      sinatra (~> 1.4.2)
      uuidtools
    opener-scorer (0.3.1)
      activerecord (~> 3.2)
      activerecord-jdbcmysql-adapter
      builder
      httpclient
      jdbc-mysql
      nokogiri
      opener-webservice
      sinatra (~> 1.4.2)
      uuidtools
    opener-tokenizer (0.5.1)
      httpclient
      nokogiri
      opener-tokenizer-base (>= 0.3.1)
      opener-webservice
      sinatra (~> 1.4.2)
    opener-tokenizer-base (0.4.1)
    opener-tree-tagger (0.12.1)
    opener-webservice (0.2.1)
      json
      sinatra (~> 1.4.3)
      uuidtools
    pry (0.9.12.6)
      coderay (~> 1.0)
      method_source (~> 0.8)
      slop (~> 3.4)
    pry (0.9.12.6-java)
      coderay (~> 1.0)
      method_source (~> 0.8)
      slop (~> 3.4)
      spoon (~> 0.0)
    pry-doc (0.5.1)
      pry (>= 0.9)
      yard (>= 0.8)
    pry-theme (1.0.2)
      coderay (~> 1.1)
      json (~> 1.8)
    puma (2.8.0)
      rack (>= 1.1, < 2.0)
    puma (2.8.0-java)
      rack (>= 1.1, < 2.0)
    rack (1.5.2)
    rack-protection (1.5.2)
      rack
    rake (10.1.1)
    rollbar (0.12.12)
      multi_json (~> 1.3)
    sinatra (1.4.4)
      rack (~> 1.4)
      rack-protection (~> 1.4)
      tilt (~> 1.3, >= 1.3.4)
    slop (3.4.7)
    spoon (0.0.4)
      ffi
    tilt (1.4.1)
    tzinfo (0.3.39)
    uuidtools (2.1.4)
    yard (0.8.7.3)

PLATFORMS
  java
  ruby

DEPENDENCIES
  activesupport (~> 3.2)
  improved-rack-throttle
  kaf-naf-parser
  opener-constituent-parser
  opener-language-identifier (>= 1.1.0)
  opener-ned
  opener-ner
  opener-opinion-detector
  opener-outlet
  opener-polarity-tagger
  opener-pos-tagger
  opener-property-tagger
  opener-s3-outlet
  opener-scorer
  opener-tokenizer (>= 0.4.4)
  opener-tree-tagger
  pry
  pry-doc
  pry-theme
  puma
  rollbar
  uuidtools
