GEM
  remote: https://rubygems.org/
  remote: https://opener:Aek0YeeGup0ceephohcieW0eichiGha2Thoo0lohshunae9emaikeitainooleap@geminabox.olery.com/
  specs:
    activesupport (4.0.0)
      i18n (~> 0.6, >= 0.6.4)
      minitest (~> 4.2)
      multi_json (~> 1.3)
      thread_safe (~> 0.1)
      tzinfo (~> 0.3.37)
    atomic (1.1.10)
    builder (3.2.2)
    daemons (1.1.9)
    eventmachine (1.0.3)
    httpclient (2.3.3)
    i18n (0.6.4)
    mini_portile (0.5.0)
    minitest (4.7.5)
    multi_json (1.7.7)
    nokogiri (1.6.0)
      mini_portile (~> 0.5.0)
    opener-build-tools (0.2.10)
      rake
    opener-constituent-parser (0.0.2)
      opener-constituent-parser-base
      opener-webservice
    opener-constituent-parser-base (0.0.1)
    opener-language-identifier (0.1.9)
      builder
      httpclient
      opener-build-tools
      opener-webservice
      sinatra (~> 1.4.2)
      uuidtools
    opener-ner (0.2.1)
      httpclient
      nokogiri
      opener-ner-base
      opener-ner-fr
      opener-webservice
      sinatra (~> 1.4)
    opener-ner-base (0.0.1)
      opener-build-tools
    opener-ner-fr (0.0.1)
      opener-build-tools
    opener-opinion-detector (0.1.3)
      builder (~> 3.1)
      httpclient
      nokogiri
      opener-opinion-detector-base
      opener-webservice
      sinatra (~> 1.4.2)
    opener-opinion-detector-base (0.1.3)
      opener-build-tools (>= 0.2.7)
      rake
    opener-polarity-tagger (0.1.3)
      httpclient
      opener-build-tools (>= 0.2.7)
      opener-webservice
      rake
      sinatra
    opener-pos-tagger (0.2.5)
      builder (~> 3.1)
      httpclient
      nokogiri
      opener-pos-tagger-base
      opener-pos-tagger-en-es
      opener-pos-tagger-fr
      opener-pos-tagger-it
      opener-webservice
      sinatra (~> 1.4.2)
    opener-pos-tagger-base (0.1.2)
      opener-build-tools (>= 0.2.7)
      rake
    opener-pos-tagger-en-es (0.1.2)
      opener-build-tools
    opener-pos-tagger-fr (0.1.1)
      opener-build-tools
    opener-pos-tagger-it (0.1.1)
      opener-build-tools
    opener-tokenizer (0.2.3)
      builder (~> 3.1)
      httpclient
      nokogiri
      opener-tokenizer-base
      opener-tokenizer-fr
      opener-webservice
      sinatra (~> 1.4.2)
    opener-tokenizer-base (0.1.2)
      opener-build-tools
    opener-tokenizer-fr (0.1.0)
    opener-webservice (0.0.7)
      sinatra (~> 1.4.3)
      uuidtools
    rack (1.5.2)
    rack-protection (1.5.0)
      rack
    rake (10.1.0)
    sinatra (1.4.3)
      rack (~> 1.4)
      rack-protection (~> 1.4)
      tilt (~> 1.3, >= 1.3.4)
    thin (1.5.1)
      daemons (>= 1.0.9)
      eventmachine (>= 0.12.6)
      rack (>= 1.0.0)
    thread_safe (0.1.0)
      atomic
    tilt (1.4.1)
    tzinfo (0.3.37)
    uuidtools (2.1.4)

PLATFORMS
  ruby

DEPENDENCIES
  activesupport
  opener-constituent-parser
  opener-language-identifier
  opener-ner
  opener-opinion-detector
  opener-polarity-tagger
  opener-pos-tagger
  opener-tokenizer
  thin
  uuidtools
