GEM
  remote: https://rubygems.org/
  remote: https://opener:Aek0YeeGup0ceephohcieW0eichiGha2Thoo0lohshunae9emaikeitainooleap@geminabox.olery.com/
  specs:
    activemodel (3.2.14)
      activesupport (= 3.2.14)
      builder (~> 3.0.0)
    activerecord (3.2.14)
      activemodel (= 3.2.14)
      activesupport (= 3.2.14)
      arel (~> 3.0.2)
      tzinfo (~> 0.3.29)
    activesupport (3.2.14)
      i18n (~> 0.6, >= 0.6.4)
      multi_json (~> 1.0)
    arel (3.0.2)
    builder (3.0.4)
    coderay (1.0.9)
    httpclient (2.3.4.1)
    i18n (0.6.5)
    improved-rack-throttle (0.7.1)
      rack (>= 1.0.0)
    json (1.8.0)
    method_source (0.8.2)
    mini_portile (0.5.1)
    multi_json (1.8.0)
    mysql2 (0.3.13)
    nokogiri (1.6.0)
      mini_portile (~> 0.5.0)
    opener-build-tools (0.2.10)
      rake
    opener-constituent-parser (0.0.2)
      opener-constituent-parser-base
      opener-webservice
    opener-constituent-parser-base (0.0.1)
    opener-language-identifier (1.1.0)
      builder
      httpclient
      opener-build-tools
      opener-webservice
      sinatra (~> 1.4.2)
      uuidtools
    opener-ned (0.2.2)
      httpclient
      opener-webservice
      sinatra (~> 1.4)
    opener-ner (0.2.6)
      httpclient
      nokogiri
      opener-ner-base
      opener-ner-fr
      opener-webservice
      sinatra (~> 1.4)
    opener-ner-base (0.0.1)
      opener-build-tools
    opener-ner-fr (0.0.1)
      opener-build-tools
    opener-opinion-detector (0.1.9)
      httpclient
      nokogiri
      opener-opinion-detector-base
      opener-webservice
      sinatra (~> 1.4.2)
    opener-opinion-detector-base (0.1.6)
      opener-build-tools (>= 0.2.7)
      rake
    opener-outlet (0.1.5)
      activerecord (~> 3.2)
      builder
      httpclient
      mysql2
      nokogiri
      opener-webservice
      sinatra (~> 1.4.2)
      uuidtools
    opener-polarity-tagger (0.1.4)
      httpclient
      opener-build-tools (>= 0.2.7)
      opener-webservice
      rake
      sinatra
    opener-pos-tagger (0.2.10)
      httpclient
      nokogiri
      opener-pos-tagger-base
      opener-pos-tagger-en-es
      opener-pos-tagger-fr
      opener-pos-tagger-it
      opener-webservice
      sinatra (~> 1.4.2)
    opener-pos-tagger-base (0.1.3)
      opener-build-tools (>= 0.2.7)
      rake
    opener-pos-tagger-en-es (0.1.4)
      opener-build-tools
    opener-pos-tagger-fr (0.1.1)
      opener-build-tools
    opener-pos-tagger-it (0.1.1)
      opener-build-tools
    opener-tokenizer (0.3.2)
      httpclient
      nokogiri
      opener-tokenizer-base (>= 0.2.0)
      opener-webservice
      sinatra (~> 1.4.2)
    opener-tokenizer-base (0.2.0)
    opener-webservice (0.1.0)
      json
      sinatra (~> 1.4.3)
      uuidtools
    pry (0.9.12.2)
      coderay (~> 1.0.5)
      method_source (~> 0.8)
      slop (~> 3.4)
    pry-doc (0.4.6)
      pry (>= 0.9)
      yard (>= 0.8)
    pry-theme (0.2.0)
      json
    puma (2.6.0)
      rack (>= 1.1, < 2.0)
    rack (1.5.2)
    rack-protection (1.5.0)
      rack
    rake (10.1.0)
    rollbar (0.11.1)
      multi_json (~> 1.5)
    sinatra (1.4.3)
      rack (~> 1.4)
      rack-protection (~> 1.4)
      tilt (~> 1.3, >= 1.3.4)
    slop (3.4.6)
    tilt (1.4.1)
    tzinfo (0.3.37)
    uuidtools (2.1.4)
    yard (0.8.7.2)

PLATFORMS
  ruby

DEPENDENCIES
  activesupport (~> 3.2)
  improved-rack-throttle
  opener-constituent-parser
  opener-language-identifier (>= 1.1.0)
  opener-ned (>= 0.2.2)
  opener-ner
  opener-opinion-detector
  opener-outlet (~> 0.1.4)
  opener-polarity-tagger
  opener-pos-tagger
  opener-tokenizer (>= 0.3.1)
  pry
  pry-doc
  pry-theme
  puma
  rollbar
  uuidtools
