GEM
  remote: https://rubygems.org/
  remote: https://opener:Aek0YeeGup0ceephohcieW0eichiGha2Thoo0lohshunae9emaikeitainooleap@geminabox.olery.com/
  specs:
    activesupport (3.2.13)
      i18n (= 0.6.1)
      multi_json (~> 1.0)
    builder (3.2.2)
    httpclient (2.3.3)
    i18n (0.6.1)
    mini_portile (0.5.0)
    multi_json (1.7.7)
    nokogiri (1.6.0)
      mini_portile (~> 0.5.0)
    opener-build-tools (0.2.7)
      rake
    opener-language-identifier (0.1.4)
      builder
      httpclient
      opener-build-tools
      sinatra (~> 1.4.2)
    opener-ner (0.1.0)
      httpclient
      nokogiri
      opener-ner-base
      opener-ner-fr
      sinatra (~> 1.4)
    opener-ner-base (0.0.1)
      opener-build-tools
    opener-ner-fr (0.0.1)
      opener-build-tools
    opener-opinion-detector (0.1.1)
      builder (~> 3.1)
      httpclient
      nokogiri
      opener-opinion-detector-base
      sinatra (~> 1.4.2)
    opener-opinion-detector-base (0.1.3)
      opener-build-tools (>= 0.2.7)
      rake
    opener-polarity-tagger (0.1.1)
      httpclient
      opener-build-tools (>= 0.2.7)
      rake
      sinatra
    opener-pos-tagger (0.2.1)
      builder (~> 3.1)
      httpclient
      nokogiri
      opener-pos-tagger-base
      opener-pos-tagger-en-es
      opener-pos-tagger-fr
      opener-pos-tagger-it
      sinatra (~> 1.4.2)
    opener-pos-tagger-base (0.1.2)
      opener-build-tools (>= 0.2.7)
      rake
    opener-pos-tagger-en-es (0.1.1)
    opener-pos-tagger-fr (0.1.1)
      opener-build-tools
    opener-pos-tagger-it (0.1.1)
      opener-build-tools
    opener-tokenizer (0.1.1)
      builder (~> 3.1)
      httpclient
      nokogiri
      opener-tokenizer-base
      opener-tokenizer-fr
      sinatra (~> 1.4.2)
    opener-tokenizer-base (0.1.2)
      opener-build-tools
    opener-tokenizer-fr (0.1.0)
    rack (1.5.2)
    rack-protection (1.5.0)
      rack
    rake (10.1.0)
    sinatra (1.4.3)
      rack (~> 1.4)
      rack-protection (~> 1.4)
      tilt (~> 1.3, >= 1.3.4)
    tilt (1.4.1)

PLATFORMS
  ruby

DEPENDENCIES
  activesupport
  opener-language-identifier
  opener-ner
  opener-opinion-detector
  opener-polarity-tagger
  opener-pos-tagger
  opener-tokenizer
